STORAGE: NONE
RESTRICTION: == netcoreapp3.1
NUGET
  remote: https://api.nuget.org/v3/index.json
    FSharp.Control.Websockets (0.2.2)
      FSharp.Core (>= 4.3.4)
      Microsoft.IO.RecyclableMemoryStream (>= 1.2.2)
    FSharp.Core (4.7)
    Microsoft.AspNetCore.Authentication.JwtBearer (3.1.1)
      Microsoft.IdentityModel.Protocols.OpenIdConnect (>= 5.5)
    Microsoft.Extensions.Caching.Abstractions (3.1.1)
      Microsoft.Extensions.Primitives (>= 3.1.1)
    Microsoft.Extensions.Caching.Memory (3.1.1)
      Microsoft.Extensions.Caching.Abstractions (>= 3.1.1)
      Microsoft.Extensions.DependencyInjection.Abstractions (>= 3.1.1)
      Microsoft.Extensions.Logging.Abstractions (>= 3.1.1)
      Microsoft.Extensions.Options (>= 3.1.1)
    Microsoft.Extensions.DependencyInjection.Abstractions (3.1.1)
    Microsoft.Extensions.Logging.Abstractions (3.1.1)
    Microsoft.Extensions.Options (3.1.1)
      Microsoft.Extensions.DependencyInjection.Abstractions (>= 3.1.1)
      Microsoft.Extensions.Primitives (>= 3.1.1)
    Microsoft.Extensions.Primitives (3.1.1)
    Microsoft.IdentityModel.JsonWebTokens (5.6)
      Microsoft.IdentityModel.Tokens (>= 5.6)
      Newtonsoft.Json (>= 10.0.1)
    Microsoft.IdentityModel.Logging (5.6)
    Microsoft.IdentityModel.Protocols (5.6)
      Microsoft.IdentityModel.Logging (>= 5.6)
      Microsoft.IdentityModel.Tokens (>= 5.6)
    Microsoft.IdentityModel.Protocols.OpenIdConnect (5.6)
      Microsoft.IdentityModel.Protocols (>= 5.6)
      Newtonsoft.Json (>= 10.0.1)
      System.IdentityModel.Tokens.Jwt (>= 5.6)
    Microsoft.IdentityModel.Tokens (5.6)
      Microsoft.IdentityModel.Logging (>= 5.6)
      Newtonsoft.Json (>= 10.0.1)
      System.Security.Cryptography.Cng (>= 4.5)
    Microsoft.IO.RecyclableMemoryStream (1.3.2)
    Newtonsoft.Json (12.0.3)
    System.IdentityModel.Tokens.Jwt (5.6)
      Microsoft.IdentityModel.JsonWebTokens (>= 5.6)
      Microsoft.IdentityModel.Tokens (>= 5.6)
      Newtonsoft.Json (>= 10.0.1)
    System.Reflection.Emit (4.7)
    System.Reflection.Emit.Lightweight (4.7)
    System.Security.Cryptography.Cng (4.7)
    System.Threading.Tasks.Dataflow (4.11)
    System.Threading.Tasks.Extensions (4.5.3)
    System.ValueTuple (4.5)
    TaskBuilder.fs (2.2)
      FSharp.Core (>= 4.1.17)
    Utf8Json (1.3.7)
      System.Reflection.Emit (>= 4.3)
      System.Reflection.Emit.Lightweight (>= 4.3)
      System.Threading.Tasks.Extensions (>= 4.4)
      System.ValueTuple (>= 4.4)
  remote: C:\Users\Isaac\Source\LocalPackages
    Giraffe (4.1.0)
      FSharp.Core (>= 4.7)
      Microsoft.IO.RecyclableMemoryStream (>= 1.2.2)
      Newtonsoft.Json (>= 12.0.2)
      TaskBuilder.fs (>= 2.1)
      Utf8Json (>= 1.3.7)
